GEM
  remote: https://rubygems.org/
  specs:
    public_suffix (6.0.1)

PLATFORMS
  arm64-darwin-24
  ruby

DEPENDENCIES
  public_suffix

BUNDLED WITH
   2.6.7
